GIT
  remote: https://github.com/rspec/rspec-core.git
  revision: ea8554afd1a2b63677c6593059fa8f2476181deb
  branch: main
  specs:
    rspec-core (3.11.0.pre)
      rspec-support (= 3.11.0.pre)

GIT
  remote: https://github.com/rspec/rspec-expectations.git
  revision: 43bf64b01f8356979ffbc373b2e81d2ab1389b29
  branch: main
  specs:
    rspec-expectations (3.11.0.pre)
      diff-lcs (>= 1.2.0, < 2.0)
      rspec-support (= 3.11.0.pre)

GIT
  remote: https://github.com/rspec/rspec-mocks.git
  revision: 97c972be57f2c060a4a7fb8a3c5700a5ede693f0
  branch: main
  specs:
    rspec-mocks (3.11.0.pre)
      diff-lcs (>= 1.2.0, < 2.0)
      rspec-support (= 3.11.0.pre)

GIT
  remote: https://github.com/rspec/rspec-support.git
  revision: d04c8aef72d030fc354902f1e1b486b5c21e0732
  branch: main
  specs:
    rspec-support (3.11.0.pre)

GIT
  remote: https://github.com/rspec/rspec.git
  revision: 9fb905ef4a6c4b7303c7eeee654128126d73c42b
  branch: main
  specs:
    rspec (3.11.0.pre)
      rspec-core (= 3.11.0.pre)
      rspec-expectations (= 3.11.0.pre)
      rspec-mocks (= 3.11.0.pre)

GEM
  specs:
    coderay (1.1.3)
    diff-lcs (1.4.4)
    method_source (1.0.0)
    pry (0.14.1)
      coderay (~> 1.1)
      method_source (~> 1.0)

PLATFORMS
  ruby

DEPENDENCIES
  pry
  rspec!
  rspec-core!
  rspec-expectations!
  rspec-mocks!
  rspec-support!

BUNDLED WITH
   1.17.3
